PATH
  remote: vendor/gems/decima-ruby-0.1.0
  specs:
    decima-ruby (0.1.0)
      addressable (~> 2.3)
      httparty (~> 0.13)

GEM
  remote: https://rubygems.org/
  specs:
    nokogiri (1.6.7.1)
      mini_portile2 (~> 2.0.0.rc2)
    nokogumbo (1.4.7)
      nokogiri
    rails (~> 4.2.7.1)
      actionmailer (~> 4.2.7.1)
      actionpack (~> 4.2.7.1)
      actionview (~> 4.2.7.1)
      activejob (~> 4.2.7.1)
      activemodel (~> 4.2.7.1)
      activerecord (~> 4.2.7.1)
      activesupport (~> 4.2.7.1)
      bundler (>= 1.3.0, < 2.0)
      railties (~> 4.2.7.1)
      sprockets-rails
    rails-deprecated_sanitizer (1.0.3)
      activesupport (>= 4.2.0.alpha)
    rails-dom-testing (1.0.7)
      activesupport (>= 4.2.0.beta, < 5.0)
      nokogiri (~> 1.8.2)
      rails-deprecated_sanitizer (>= 1.0.1)
    rails-html-sanitizer (~> 1.0.4)
      loofah (~> 2.2.1)
    rspec-rails (3.3.2)
      actionpack (>= 3.0, < 4.3)
      activesupport (>= 3.0, < 4.3)
      railties (>= 3.0, < 4.3)
      rspec-core (~> 3.3.0)
      rspec-expectations (~> 3.3.0)
      rspec-mocks (~> 3.3.0)
      rspec-support (~> 3.3.0)
    rubyzip (1.2.1)
    xpath (2.0.0)
      nokogiri (~> 1.3)

PLATFORMS
  ruby

DEPENDENCIES
  dotenv-rails
  factory_girl_rails
  jbuilder (~> 2.0)
  jquery-rails
  pry-byebug (~> 1.3.3)
  pry-rails
  pry-remote
  pry-stack_explorer
  rack-mini-profiler
  rails (~> 4.2.7.1)

BUNDLED WITH
   1.11.2
